GIT
  remote: https://github.com/oauth-xx/oauth2.git
  revision: 255bee13a0a4a13c5da9faebbae2e8a28ceff282
  specs:
    oauth2 (1.4.1)
      faraday (>= 0.8, < 0.16.0)
      jwt (>= 1.0, < 3.0)
      multi_json (~> 1.3)
      multi_xml (~> 0.5)
      rack (>= 1.2, < 3)

GEM
  remote: https://rubygems.org/
  specs:
    activesupport (5.2.1)
      concurrent-ruby (~> 1.0, >= 1.0.2)
      i18n (>= 0.7, < 2)
      minitest (~> 5.1)
      tzinfo (~> 1.1)
    addressable (2.5.2)
      public_suffix (>= 2.0.2, < 4.0)
    airbrussh (1.3.0)
      sshkit (>= 1.6.1, != 1.7.0)
    ast (2.4.0)
    builder (3.2.3)
    bundler-audit (0.6.0)
      bundler (~> 1.2)
      thor (~> 0.18)
    byebug (10.0.2)
    capistrano (3.11.0)
      airbrussh (>= 1.0.0)
      i18n
      rake (>= 10.0.0)
      sshkit (>= 1.9.0)
    capistrano-bundle_audit (0.2.1)
      bundler-audit (~> 0.5)
      capistrano (~> 3.0)
    capistrano-bundler (1.4.0)
      capistrano (~> 3.1)
      sshkit (~> 1.2)
    capistrano-one_time_key (0.0.1)
      capistrano (~> 3.0)
    capistrano-shared_configs (0.2.2)
    chronic (0.10.2)
    coderay (1.1.2)
    concurrent-ruby (1.0.5)
    config (1.7.0)
      activesupport (>= 3.0)
      deep_merge (~> 1.2.1)
      dry-validation (>= 0.10.4)
    connection_pool (2.2.2)
    crack (0.4.3)
      safe_yaml (~> 1.0.0)
    deep_merge (1.2.1)
    diff-lcs (1.3)
    dlss-capistrano (3.4.1)
      capistrano (~> 3.0)
      capistrano-bundle_audit (>= 0.1.0)
      capistrano-one_time_key
      capistrano-shared_configs
    docile (1.3.1)
    domain_name (0.5.20180417)
      unf (>= 0.0.5, < 1.0.0)
    dot-properties (0.1.3)
    dry-configurable (0.7.0)
      concurrent-ruby (~> 1.0)
    dry-container (0.6.0)
      concurrent-ruby (~> 1.0)
      dry-configurable (~> 0.1, >= 0.1.3)
    dry-core (0.4.7)
      concurrent-ruby (~> 1.0)
    dry-equalizer (0.2.1)
    dry-inflector (0.1.2)
    dry-logic (0.4.2)
      dry-container (~> 0.2, >= 0.2.6)
      dry-core (~> 0.2)
      dry-equalizer (~> 0.2)
    dry-types (0.13.2)
      concurrent-ruby (~> 1.0)
      dry-container (~> 0.3)
      dry-core (~> 0.4, >= 0.4.4)
      dry-equalizer (~> 0.2)
      dry-inflector (~> 0.1, >= 0.1.2)
      dry-logic (~> 0.4, >= 0.4.2)
    dry-validation (0.12.2)
      concurrent-ruby (~> 1.0)
      dry-configurable (~> 0.1, >= 0.1.3)
      dry-core (~> 0.2, >= 0.2.1)
      dry-equalizer (~> 0.2)
      dry-logic (~> 0.4, >= 0.4.0)
      dry-types (~> 0.13.1)
    ebnf (1.1.3)
      rdf (~> 3.0)
      sxp (~> 1.0)
    faraday (0.15.3)
      multipart-post (>= 1.2, < 3)
    faraday_middleware (0.12.2)
      faraday (>= 0.7.4, < 1.0)
    hamster (3.0.0)
      concurrent-ruby (~> 1.0)
    hashdiff (0.3.7)
    hashie (3.6.0)
    http (3.3.0)
      addressable (~> 2.3)
      http-cookie (~> 1.0)
      http-form_data (~> 2.0)
      http_parser.rb (~> 0.6.0)
    http-cookie (1.0.3)
      domain_name (~> 0.5)
    http-form_data (2.1.1)
    http_parser.rb (0.6.0)
    httpclient (2.8.3)
    i18n (1.1.1)
      concurrent-ruby (~> 1.0)
    jaro_winkler (1.5.1)
    json (2.1.0)
    json-ld (3.0.2)
      multi_json (~> 1.12)
      rdf (>= 2.2.8, < 4.0)
    jsonpath (0.9.5)
      multi_json
      to_regexp (~> 0.2.1)
    jwt (2.1.0)
    link_header (0.0.8)
    macaddr (1.7.1)
      systemu (~> 2.6.2)
    marc (1.0.2)
      scrub_rb (>= 1.0.1, < 2)
      unf
    marc-fastxmlwriter (1.0.0)
      marc (~> 1.0)
    method_source (0.9.0)
    mini_portile2 (2.3.0)
    minitest (5.11.3)
    multi_json (1.13.1)
    multi_xml (0.6.0)
    multipart-post (2.0.0)
    net-http-persistent (3.0.0)
      connection_pool (~> 2.2)
    net-scp (1.2.1)
      net-ssh (>= 2.6.5)
    net-ssh (5.0.2)
    nokogiri (1.8.5)
      mini_portile2 (~> 2.3.0)
    parallel (1.12.1)
    parser (2.5.3.0)
      ast (~> 2.4.0)
    powerpack (0.1.2)
    pry (0.11.3)
      coderay (~> 1.1.0)
      method_source (~> 0.9.0)
    pry-byebug (3.6.0)
      byebug (~> 10.0)
      pry (~> 0.10)
    public_suffix (3.0.3)
    rack (2.0.5)
    rainbow (3.0.0)
    rake (12.3.1)
    rdf (3.0.6)
      hamster (~> 3.0)
      link_header (~> 0.0, >= 0.0.8)
    rdf-aggregate-repo (2.2.1)
      rdf (>= 2.2, < 4.0)
    rdf-vocab (3.0.3)
      rdf (~> 3.0)
    rdf-xsd (3.0.1)
      rdf (~> 3.0)
    rspec (3.8.0)
      rspec-core (~> 3.8.0)
      rspec-expectations (~> 3.8.0)
      rspec-mocks (~> 3.8.0)
    rspec-core (3.8.0)
      rspec-support (~> 3.8.0)
    rspec-expectations (3.8.2)
      diff-lcs (>= 1.2.0, < 2.0)
      rspec-support (~> 3.8.0)
    rspec-mocks (3.8.0)
      diff-lcs (>= 1.2.0, < 2.0)
      rspec-support (~> 3.8.0)
    rspec-support (3.8.0)
    rubocop (0.58.2)
      jaro_winkler (~> 1.5.1)
      parallel (~> 1.10)
      parser (>= 2.5, != 2.5.1.1)
      powerpack (~> 0.1)
      rainbow (>= 2.2.2, < 4.0)
      ruby-progressbar (~> 1.7)
      unicode-display_width (~> 1.0, >= 1.0.1)
    rubocop-rspec (1.21.0)
      rubocop (>= 0.52.0)
    ruby-progressbar (1.10.0)
    safe_yaml (1.0.4)
    scrub_rb (1.0.1)
    simplecov (0.16.1)
      docile (~> 1.1)
      json (>= 1.8, < 3)
      simplecov-html (~> 0.10.0)
    simplecov-html (0.10.2)
    slop (3.6.0)
    sparql (3.0.2)
      builder (~> 3.2)
      ebnf (~> 1.1)
      rdf (~> 3.0)
      rdf-aggregate-repo (>= 2.2, < 4.0)
      rdf-xsd (~> 3.0)
      sparql-client (~> 3.0)
      sxp (~> 1.0)
    sparql-client (3.0.0)
      net-http-persistent (>= 2.9, < 4)
      rdf (~> 3.0)
    sshkit (1.18.0)
      net-scp (>= 1.1.2)
      net-ssh (>= 2.8.0)
    sxp (1.0.1)
      rdf (>= 2.2, < 4.0)
    systemu (2.6.5)
    thor (0.20.0)
    thread_safe (0.3.6)
    to_regexp (0.2.1)
    traject (3.0.0)
      concurrent-ruby (>= 0.8.0)
      dot-properties (>= 0.1.1)
      hashie (~> 3.1)
      http (~> 3.0)
      httpclient (~> 2.5)
      marc (~> 1.0)
      marc-fastxmlwriter (~> 1.0)
      nokogiri (~> 1.0)
      slop (>= 3.4.5, < 4.0)
      yell
    traject_plus (0.1.0)
      activesupport
      jsonpath
      traject (~> 3.0)
    tzinfo (1.2.5)
      thread_safe (~> 0.1)
    unf (0.1.4)
      unf_ext
    unf_ext (0.0.7.5)
    unicode-display_width (1.4.0)
    uuid (2.3.9)
      macaddr (~> 1.0)
    webmock (3.4.2)
      addressable (>= 2.3.6)
      crack (>= 0.3.2)
      hashdiff
    whenever (0.10.0)
      chronic (>= 0.6.3)
    yell (2.0.7)

PLATFORMS
  ruby

DEPENDENCIES
  activesupport (~> 5.2)
  capistrano-bundler (~> 1.4)
  config
  dlss-capistrano (~> 3.4)
  faraday (~> 0.15.0)
  faraday_middleware
  httpclient
  json-ld
  oauth2!
  parallel
  pry
  pry-byebug
  rake (~> 12.0)
  rdf (>= 3.0.6)
  rdf-vocab
  rspec (~> 3.0)
  rubocop (~> 0.58.0)
  rubocop-rspec (~> 1.21.0)
  ruby-progressbar
  simplecov
  sparql
  sparql-client (~> 3.0)
  thor (~> 0.20)
  traject_plus (>= 0.0.2)
  uuid
  webmock
  whenever (~> 0.10.0)

BUNDLED WITH
   1.17.1
